PATH
  remote: .
  specs:
    opentelemetry-instrumentation-rack (0.23.4)
      opentelemetry-api (~> 1.0)
      opentelemetry-common (~> 0.20.0)
      opentelemetry-instrumentation-base (~> 0.22.1)

GEM
  remote: https://rubygems.org/
  specs:
    addressable (2.8.5)
      public_suffix (>= 2.0.2, < 6.0)
    appraisal (2.2.0)
      bundler
      rake
      thor (>= 0.14.0)
    ast (2.4.2)
    byebug (11.1.3)
    coderay (1.1.3)
    crack (0.4.5)
      rexml
    diff-lcs (1.5.0)
    docile (1.4.0)
    hashdiff (1.0.1)
    json (2.6.3)
    language_server-protocol (3.17.0.3)
    method_source (1.0.0)
    minitest (5.19.0)
    opentelemetry-api (1.2.2)
    opentelemetry-common (0.20.0)
      opentelemetry-api (~> 1.0)
    opentelemetry-instrumentation-base (0.22.2)
      opentelemetry-api (~> 1.0)
      opentelemetry-registry (~> 0.1)
    opentelemetry-registry (0.3.0)
      opentelemetry-api (~> 1.1)
    opentelemetry-sdk (1.3.0)
      opentelemetry-api (~> 1.1)
      opentelemetry-common (~> 0.20)
      opentelemetry-registry (~> 0.2)
      opentelemetry-semantic_conventions
    opentelemetry-sdk-experimental (0.3.0)
      opentelemetry-api (~> 1.1)
      opentelemetry-sdk (~> 1.2)
    opentelemetry-semantic_conventions (1.10.0)
      opentelemetry-api (~> 1.0)
    opentelemetry-test-helpers (0.4.0)
    parallel (1.23.0)
    parser (3.2.2.3)
      ast (~> 2.4.1)
      racc
    pry (0.14.2)
      coderay (~> 1.1)
      method_source (~> 1.0)
    pry-byebug (3.10.1)
      byebug (~> 11.0)
      pry (>= 0.13, < 0.15)
    public_suffix (5.0.3)
    racc (1.7.1)
    rack (3.0.8)
    rack-test (2.1.0)
      rack (>= 1.3)
    rainbow (3.1.1)
    rake (13.0.6)
    regexp_parser (2.8.1)
    rexml (3.2.6)
    rspec-mocks (3.12.6)
      diff-lcs (>= 1.2.0, < 2.0)
      rspec-support (~> 3.12.0)
    rspec-support (3.12.1)
    rubocop (1.55.1)
      json (~> 2.3)
      language_server-protocol (>= 3.17.0)
      parallel (~> 1.10)
      parser (>= 3.2.2.3)
      rainbow (>= 2.2.2, < 4.0)
      regexp_parser (>= 1.8, < 3.0)
      rexml (>= 3.2.5, < 4.0)
      rubocop-ast (>= 1.28.1, < 2.0)
      ruby-progressbar (~> 1.7)
      unicode-display_width (>= 2.4.0, < 3.0)
    rubocop-ast (1.29.0)
      parser (>= 3.2.1.0)
    ruby-progressbar (1.13.0)
    simplecov (0.17.1)
      docile (~> 1.1)
      json (>= 1.8, < 3)
      simplecov-html (~> 0.10.0)
    simplecov-html (0.10.2)
    thor (1.2.2)
    unicode-display_width (2.4.2)
    webmock (3.7.6)
      addressable (>= 2.3.6)
      crack (>= 0.3.2)
      hashdiff (>= 0.4.0, < 2.0.0)
    yard (0.9.34)
    yard-doctest (0.1.17)
      minitest
      yard

PLATFORMS
  x86_64-darwin-22

DEPENDENCIES
  appraisal (~> 2.2.0)
  bundler (~> 2.4)
  minitest (~> 5.0)
  opentelemetry-instrumentation-base (~> 0.22.1)
  opentelemetry-instrumentation-rack!
  opentelemetry-sdk (~> 1.1)
  opentelemetry-sdk-experimental (~> 0.1)
  opentelemetry-test-helpers (~> 0.3)
  pry-byebug
  rack
  rack-test
  rake (~> 13.0)
  rspec-mocks
  rubocop (~> 1.55.1)
  simplecov (~> 0.17.1)
  webmock (~> 3.7.6)
  yard (~> 0.9)
  yard-doctest (~> 0.1.6)

BUNDLED WITH
   2.4.19
